GEM
  remote: http://rubygems.org/
  specs:
    sass (3.4.21)

PLATFORMS
  x64-mingw32

DEPENDENCIES
  sass

BUNDLED WITH
   1.11.2
